GEM
  remote: https://rubygems.org/
  specs:
    activemodel (5.2.2)
      activesupport (= 5.2.2)
    activerecord (5.2.2)
      activemodel (= 5.2.2)
      activesupport (= 5.2.2)
      arel (>= 9.0)
    activesupport (5.2.2)
      concurrent-ruby (~> 1.0, >= 1.0.2)
      i18n (>= 0.7, < 2)
      minitest (~> 5.1)
      tzinfo (~> 1.1)
    arel (9.0.0)
    async (1.24.1)
      console (~> 1.0)
      nio4r (~> 2.3)
      timers (~> 4.1)
    async-io (1.27.1)
      async (~> 1.14)
    async-websocket (0.8.0)
      async-io
      websocket-driver (~> 0.7.0)
    bcrypt (3.1.13)
    coderay (1.1.2)
    concurrent-ruby (1.1.5)
    console (1.7.0)
    diff-lcs (1.3)
    dotenv (2.7.5)
    faraday (0.17.3)
      multipart-post (>= 1.2, < 3)
    faraday_middleware (0.13.1)
      faraday (>= 0.7.4, < 1.0)
    ffi (1.11.3)
    gli (2.19.0)
    haml (5.1.2)
      temple (>= 0.8.0)
      tilt
    hashie (4.0.0)
    i18n (0.9.5)
      concurrent-ruby (~> 1.0)
    mail (2.7.1)
      mini_mime (>= 0.1.1)
    method_source (0.9.2)
    mime-types (3.3.1)
      mime-types-data (~> 3.2015)
    mime-types-data (3.2019.1009)
    mini_mime (1.0.2)
    minitest (5.13.0)
    moneta (1.0.0)
    multipart-post (2.1.1)
    mustermann (1.1.1)
      ruby2_keywords (~> 0.0.1)
    nio4r (2.5.2)
    padrino (0.14.4)
      padrino-admin (= 0.14.4)
      padrino-cache (= 0.14.4)
      padrino-core (= 0.14.4)
      padrino-gen (= 0.14.4)
      padrino-helpers (= 0.14.4)
      padrino-mailer (= 0.14.4)
      padrino-support (= 0.14.4)
    padrino-admin (0.14.4)
      padrino-core (= 0.14.4)
      padrino-helpers (= 0.14.4)
    padrino-cache (0.14.4)
      moneta (~> 1.0.0)
      padrino-core (= 0.14.4)
      padrino-helpers (= 0.14.4)
    padrino-core (0.14.4)
      padrino-support (= 0.14.4)
      sinatra (>= 2.0.0)
      thor (~> 0.18)
    padrino-gen (0.14.4)
      bundler (~> 1.0)
      padrino-core (= 0.14.4)
    padrino-helpers (0.14.4)
      i18n (~> 0.6, >= 0.6.7)
      padrino-support (= 0.14.4)
      tilt (>= 1.4.1, < 3)
    padrino-mailer (0.14.4)
      mail (~> 2.5)
      mime-types (< 4)
      padrino-core (= 0.14.4)
    padrino-support (0.14.4)
    pg (1.2.1)
    pry (0.12.2)
      coderay (~> 1.1.0)
      method_source (~> 0.9.0)
    rack (2.2.3)
    rack-protection (2.0.8.1)
      rack
    rack-test (1.1.0)
      rack (>= 1.0, < 3)
    rake (13.0.1)
    rb-fsevent (0.10.3)
    rb-inotify (0.10.1)
      ffi (~> 1.0)
    rspec (3.9.0)
      rspec-core (~> 3.9.0)
      rspec-expectations (~> 3.9.0)
      rspec-mocks (~> 3.9.0)
    rspec-core (3.9.1)
      rspec-support (~> 3.9.1)
    rspec-expectations (3.9.0)
      diff-lcs (>= 1.2.0, < 2.0)
      rspec-support (~> 3.9.0)
    rspec-mocks (3.9.1)
      diff-lcs (>= 1.2.0, < 2.0)
      rspec-support (~> 3.9.0)
    rspec-support (3.9.2)
    ruby2_keywords (0.0.1)
    sass (3.7.4)
      sass-listen (~> 4.0.0)
    sass-listen (4.0.0)
      rb-fsevent (~> 0.9, >= 0.9.4)
      rb-inotify (~> 0.9, >= 0.9.7)
    sinatra (2.0.8.1)
      mustermann (~> 1.0)
      rack (~> 2.0)
      rack-protection (= 2.0.8.1)
      tilt (~> 2.0)
    slack-ruby-bot (0.12.0)
      hashie
      slack-ruby-client (>= 0.14.0)
    slack-ruby-client (0.14.5)
      activesupport
      faraday (>= 0.9)
      faraday_middleware
      gli
      hashie
      websocket-driver
    temple (0.8.2)
    thor (0.20.3)
    thread_safe (0.3.6)
    tilt (2.0.10)
    timers (4.3.0)
    tzinfo (1.2.6)
      thread_safe (~> 0.1)
    websocket-driver (0.7.1)
      websocket-extensions (>= 0.1.0)
    websocket-extensions (0.1.4)

PLATFORMS
  ruby

DEPENDENCIES
  activerecord (= 5.2.2)
  activesupport (>= 3.1)
  async-websocket (~> 0.8.0)
  bcrypt
  dotenv
  haml
  padrino (= 0.14.4)
  pg
  pry
  rack-test
  rake
  rspec
  sass
  slack-ruby-bot

BUNDLED WITH
   1.17.3
